GEM
  remote: http://rubygems.org/
  specs:
    diff-lcs (1.1.3)
    facter (1.6.13)
    json (1.7.5)
    librarian-puppet-maestrodev (0.9.7.1)
      json
      puppet
      thor (~> 0.15)
    metaclass (0.0.1)
    mocha (0.12.6)
      metaclass (~> 0.0.1)
    puppet (2.7.19)
      facter (~> 1.5)
    puppet-lint (0.1.13)
    puppetlabs_spec_helper (0.3.0)
      mocha (>= 0.10.5)
      rake
      rspec (>= 2.9.0)
      rspec-puppet (>= 0.1.1)
    rake (0.9.2.2)
    rspec (2.11.0)
      rspec-core (~> 2.11.0)
      rspec-expectations (~> 2.11.0)
      rspec-mocks (~> 2.11.0)
    rspec-core (2.11.1)
    rspec-expectations (2.11.3)
      diff-lcs (~> 1.1.3)
    rspec-mocks (2.11.3)
    rspec-puppet (0.1.5)
      rspec
    thor (0.16.0)

PLATFORMS
  java
  ruby

DEPENDENCIES
  librarian-puppet-maestrodev (>= 0.9.7.1)
  puppet (~> 2.7.18)
  puppet-lint (~> 0.1.12)
  puppetlabs_spec_helper
  rake (~> 0.9.2.2)
  rspec-puppet (>= 0.1.5)
