GEM
  remote: https://rubygems.org/
  specs:
    diff-lcs (1.2.4)
    facter (1.7.0)
    hiera (1.2.1)
      json_pure
    highline (1.6.18)
    json (1.7.7)
    json (1.7.7-java)
    json_pure (1.7.7)
    librarian (0.1.0)
      highline
      thor (~> 0.15)
    librarian-puppet-maestrodev (0.9.8.1)
      json
      librarian (>= 0.1.0)
      thor (~> 0.15)
    metaclass (0.0.1)
    mime-types (1.23)
    mocha (0.13.3)
      metaclass (~> 0.0.1)
    nokogiri (1.5.9)
    nokogiri (1.5.9-java)
    puppet (3.1.1)
      facter (~> 1.6)
      hiera (~> 1.0)
    puppet-blacksmith (1.0.5)
      nokogiri
      puppet (>= 2.7.16)
      puppetlabs_spec_helper (>= 0.3.0)
      rake
      rest-client
    puppet-lint (0.3.2)
    puppetlabs_spec_helper (0.4.1)
      mocha (>= 0.10.5)
      rake
      rspec (>= 2.9.0)
      rspec-puppet (>= 0.1.1)
    rake (10.0.4)
    rest-client (1.6.7)
      mime-types (>= 1.16)
    rspec (2.13.0)
      rspec-core (~> 2.13.0)
      rspec-expectations (~> 2.13.0)
      rspec-mocks (~> 2.13.0)
    rspec-core (2.13.1)
    rspec-expectations (2.13.0)
      diff-lcs (>= 1.1.3, < 2.0)
    rspec-mocks (2.13.1)
    rspec-puppet (0.1.6)
      rspec
    thor (0.18.1)

PLATFORMS
  java
  ruby

DEPENDENCIES
  librarian-puppet-maestrodev (>= 0.9.7.4)
  puppet
  puppet-blacksmith (>= 1.0.5)
  puppet-lint
  puppetlabs_spec_helper
  rake
  rspec-puppet
